NUGET
  remote: https://nuget.org/api/v2
  specs:
    DNSimple (0.5.2)
      Newtonsoft.Json (>= 6.0.6)
      RestSharp (>= 105.0.0)
    FAKE (3.9.0)
    log4net (2.0.3)
    Newtonsoft.Json (6.0.6)
    NuGet.CommandLine (2.8.3)
    RestSharp (105.0.0)
    Topshelf (3.1.3)
    WiX.Toolset (3.9.1006)
