NUGET
  remote: https://www.nuget.org/api/v2
  specs:
    DNSimple (0.6)
      Newtonsoft.Json (>= 6.0.6)
      RestSharp (>= 105.0)
    FAKE (4.28)
    log4net (2.0.3)
    Newtonsoft.Json (6.0.6)
    RestSharp (105.0)
    Topshelf (3.1.3)
    WiX.Toolset (3.9.1208)
